GIT
  remote: git://github.com/alphagov/pethau.git
  revision: d164c8b0523f209b654b78685e25bb3cbf7b2dab
  specs:
    pethau (0.0.2)

GEM
  remote: http://rubygems.org/
  specs:
    bindata (1.4.3)
    null_logger (0.0.1)

PLATFORMS
  ruby

DEPENDENCIES
  bindata
  null_logger
  pethau!
