PATH
  remote: .
  specs:
    latte (0.0.1)
      bindata
      net-dns
      null_logger
      pethau (>= 0.0.2)

GEM
  remote: http://rubygems.org/
  specs:
    bindata (1.4.3)
    net-dns (0.6.1)
    null_logger (0.0.1)
    pethau (0.0.3)

PLATFORMS
  ruby

DEPENDENCIES
  latte!
