PATH
  remote: .
  specs:
    latte (0.0.1)
      bindata
      null_logger
      pethau (>= 0.0.2)

GEM
  remote: http://rubygems.org/
  specs:
    bindata (1.4.3)
    null_logger (0.0.1)
    pethau (0.0.2)

PLATFORMS
  ruby

DEPENDENCIES
  latte!
